GEM
  remote: https://rubygems.org/
  specs:
    directory_watcher (1.4.1)
    rack (1.5.2)
    sass (3.4.2)
    slop (3.3.2)
    stasis (0.2.0)
      directory_watcher (= 1.4.1)
      slop (= 3.3.2)
      tilt (= 1.3.3)
    tilt (1.3.3)

PLATFORMS
  ruby

DEPENDENCIES
  rack (~> 1.5.2)
  sass (~> 3.4.2)
  stasis (~> 0.2.0)
